GEM
  remote: https://rubygems.org/
  specs:
    i18n (0.6.4)
    mail (2.5.3)
      i18n (>= 0.4.0)
      mime-types (~> 1.16)
      treetop (~> 1.4.8)
    mime-types (1.23)
    nokogiri (1.5.9)
    polyglot (0.3.3)
    rb-appscript (0.6.1)
    treetop (1.4.12)
      polyglot
      polyglot (>= 0.3.1)

PLATFORMS
  ruby

DEPENDENCIES
  mail
  nokogiri
  rb-appscript
